PATH
  remote: .
  specs:
    memcached-client (0.0.1)
      ione (~> 1.2)

GEM
  remote: https://rubygems.org/
  specs:
    diff-lcs (1.2.5)
    ione (1.2.0)
    rake (10.4.2)
    rspec (3.3.0)
      rspec-core (~> 3.3.0)
      rspec-expectations (~> 3.3.0)
      rspec-mocks (~> 3.3.0)
    rspec-core (3.3.2)
      rspec-support (~> 3.3.0)
    rspec-expectations (3.3.1)
      diff-lcs (>= 1.2.0, < 2.0)
      rspec-support (~> 3.3.0)
    rspec-mocks (3.3.2)
      diff-lcs (>= 1.2.0, < 2.0)
      rspec-support (~> 3.3.0)
    rspec-support (3.3.0)
    yard (0.9.15)

PLATFORMS
  ruby

DEPENDENCIES
  memcached-client!
  rake (~> 10.0)
  rspec
  yard

BUNDLED WITH
   1.11.2
